GIT
  remote: git://github.com/follmann/middleman-favicon-maker.git
  revision: 1144d84265e5c160e01cd2a8b9ad0be2c5b4446b
  specs:
    middleman-favicon-maker (3.3)
      favicon_maker (~> 0.2.3)
      middleman-core (>= 3.0.0)

GIT
  remote: git://github.com/middleman/middleman-livereload.git
  revision: 1cce9bd029f8316ee0f64b41b8fe6d096eaf1a89
  specs:
    middleman-livereload (3.1.0)
      em-websocket (>= 0.2.0)
      middleman-core (>= 3.0.2)
      multi_json (~> 1.0)
      rack-livereload

GEM
  remote: http://rubygems.org/
  specs:
    activesupport (3.2.14)
      i18n (~> 0.6, >= 0.6.4)
      multi_json (~> 1.0)
    builder (3.2.2)
    chunky_png (1.2.8)
    coderay (1.0.9)
    coffee-script (2.2.0)
      coffee-script-source
      execjs
    coffee-script-source (1.6.3)
    compass (0.12.2)
      chunky_png (~> 1.2)
      fssm (>= 0.2.7)
      sass (~> 3.1)
    em-websocket (0.5.0)
      eventmachine (>= 0.12.9)
      http_parser.rb (~> 0.5.3)
    eventmachine (1.0.3)
    execjs (1.4.0)
      multi_json (~> 1.0)
    favicon_maker (0.2.3)
      mini_magick (~> 3.5)
    ffi (1.9.0)
    fssm (0.2.10)
    haml (4.0.3)
      tilt
    hike (1.2.3)
    http_parser.rb (0.5.3)
    i18n (0.6.5)
    kramdown (1.1.0)
    listen (1.2.3)
      rb-fsevent (>= 0.9.3)
      rb-inotify (>= 0.9)
      rb-kqueue (>= 0.2)
    maruku (0.6.1)
      syntax (>= 1.0.0)
    method_source (0.8.2)
    middleman (3.1.4)
      coffee-script (~> 2.2.0)
      compass (>= 0.12.2)
      execjs (~> 1.4.0)
      haml (>= 3.1.6)
      kramdown (~> 1.1.0)
      middleman-core (= 3.1.4)
      middleman-more (= 3.1.4)
      middleman-sprockets (>= 3.1.2)
      sass (>= 3.1.20)
      uglifier (~> 2.1.0)
    middleman-blog (3.2.0)
      maruku (~> 0.6.0)
      middleman-core (~> 3.0)
      tzinfo (~> 0.3.0)
    middleman-core (3.1.4)
      activesupport (~> 3.2.6)
      bundler (~> 1.1)
      i18n (~> 0.6.1)
      listen (~> 1.2.2)
      rack (>= 1.4.5)
      rack-test (~> 0.6.1)
      thor (>= 0.15.2, < 2.0)
      tilt (~> 1.3.6)
    middleman-more (3.1.4)
    middleman-sprockets (3.1.4)
      middleman-core (>= 3.0.14)
      middleman-more (>= 3.0.14)
      sprockets (~> 2.1)
      sprockets-helpers (~> 1.0.0)
      sprockets-sass (~> 1.0.0)
    mini_magick (3.6.0)
      subexec (~> 0.2.1)
    multi_json (1.7.9)
    pry (0.9.12.2)
      coderay (~> 1.0.5)
      method_source (~> 0.8)
      slop (~> 3.4)
    rack (1.5.2)
    rack-livereload (0.3.15)
      rack
    rack-test (0.6.2)
      rack (>= 1.0)
    rb-fsevent (0.9.3)
    rb-inotify (0.9.1)
      ffi (>= 0.5.0)
    rb-kqueue (0.2.0)
      ffi (>= 0.5.0)
    redcarpet (3.0.0)
    sass (3.2.10)
    slop (3.4.6)
    sprockets (2.10.0)
      hike (~> 1.2)
      multi_json (~> 1.0)
      rack (~> 1.0)
      tilt (~> 1.1, != 1.3.0)
    sprockets-helpers (1.0.1)
      sprockets (~> 2.0)
    sprockets-sass (1.0.1)
      sprockets (~> 2.0)
      tilt (~> 1.1)
    subexec (0.2.3)
    susy (1.0)
      compass (>= 0.12.2)
      sass (>= 3.2.0)
    syntax (1.0.0)
    thor (0.18.1)
    tilt (1.3.7)
    tzinfo (0.3.37)
    uglifier (2.1.2)
      execjs (>= 0.3.0)
      multi_json (~> 1.0, >= 1.0.2)

PLATFORMS
  ruby

DEPENDENCIES
  builder (~> 3)
  middleman (~> 3)
  middleman-blog (~> 3)
  middleman-favicon-maker (~> 3)!
  middleman-livereload (~> 3)!
  pry
  redcarpet
  sass
  susy (= 1.0)
