GIT
  remote: git://github.com/kpricorn/foundation.git
  revision: ce28e55a46132a73e45f50faaa56f3bcb259ecc2
  specs:
    zurb-foundation (4.3.1)
      sass (>= 3.2.0)

GIT
  remote: git://github.com/kpricorn/middleman-google-analytics.git
  revision: ed767d6d2d5276799b011784aff39e5af9f195cd
  branch: features/domain_name_and_allow_linker
  specs:
    middleman-google-analytics (0.0.1)
      middleman-core (>= 3.0.6)

GEM
  remote: https://rubygems.org/
  specs:
    activesupport (3.2.14)
      i18n (~> 0.6, >= 0.6.4)
      multi_json (~> 1.0)
    bourbon (3.1.8)
      sass (>= 3.2.0)
      thor
    builder (3.2.2)
    chunky_png (1.2.8)
    coderay (1.0.9)
    coffee-script (2.2.0)
      coffee-script-source
      execjs
    coffee-script-source (1.6.3)
    colorize (0.5.8)
    columnize (0.3.6)
    compass (0.12.2)
      chunky_png (~> 1.2)
      fssm (>= 0.2.7)
      sass (~> 3.1)
    daemons (1.1.9)
    debugger (1.6.1)
      columnize (>= 0.3.1)
      debugger-linecache (~> 1.2.0)
      debugger-ruby_core_source (~> 1.2.3)
    debugger-linecache (1.2.0)
    debugger-ruby_core_source (1.2.3)
    dimensions (1.2.0)
    em-websocket (0.5.0)
      eventmachine (>= 0.12.9)
      http_parser.rb (~> 0.5.3)
    eventmachine (1.0.3)
    excon (0.25.3)
    execjs (1.4.0)
      multi_json (~> 1.0)
    favicon_maker (0.2.3)
      mini_magick (~> 3.5)
    ffi (1.9.0)
    fog (1.15.0)
      builder
      excon (~> 0.25.0)
      formatador (~> 0.2.0)
      mime-types
      multi_json (~> 1.0)
      net-scp (~> 1.1)
      net-ssh (>= 2.1.3)
      nokogiri (~> 1.5)
      ruby-hmac
    formatador (0.2.4)
    foundation-navigation (0.0.2)
    fssm (0.2.10)
    gsass (0.0.4)
      rails-sass-images
      sass (>= 3.2.0)
    haml (4.0.3)
      tilt
    hike (1.2.3)
    http_parser.rb (0.5.3)
    httpclient (2.3.4.1)
    i18n (0.6.5)
    json (1.8.0)
    kramdown (1.1.0)
    libv8 (3.16.14.3)
    listen (1.2.3)
      rb-fsevent (>= 0.9.3)
      rb-inotify (>= 0.9)
      rb-kqueue (>= 0.2)
    map (6.5.1)
    method_source (0.8.2)
    middleman (3.1.5)
      coffee-script (~> 2.2.0)
      compass (>= 0.12.2)
      execjs (~> 1.4.0)
      haml (>= 3.1.6)
      kramdown (~> 1.1.0)
      middleman-core (= 3.1.5)
      middleman-more (= 3.1.5)
      middleman-sprockets (>= 3.1.2)
      sass (>= 3.1.20)
      uglifier (~> 2.1.0)
    middleman-blog (3.3.0)
      middleman-core (~> 3.0)
      middleman-more (~> 3.0)
      tzinfo (~> 0.3.0)
    middleman-bourbon (0.0.2)
      bourbon (>= 2.1.0)
    middleman-core (3.1.5)
      activesupport (~> 3.2.6)
      bundler (~> 1.1)
      i18n (~> 0.6.1)
      listen (~> 1.2.2)
      rack (>= 1.4.5)
      rack-test (~> 0.6.1)
      thor (>= 0.15.2, < 2.0)
      tilt (~> 1.3.6)
    middleman-disqus (0.0.3)
      middleman-core (>= 3.1.0)
    middleman-favicon-maker (3.3)
      favicon_maker (~> 0.2.3)
      middleman-core (>= 3.0.0)
    middleman-foundation-navigation (0.0.1)
      foundation-navigation
      middleman-core (>= 3.1.0)
    middleman-gsass (0.0.1)
      gsass
    middleman-livereload (3.1.0)
      em-websocket (>= 0.2.0)
      middleman-core (>= 3.0.2)
      multi_json (~> 1.0)
      rack-livereload
    middleman-more (3.1.5)
    middleman-s3_sync (3.0.16)
      colorize
      fog
      map
      middleman-core (>= 3.0.0)
      pmap
      ruby-progressbar
    middleman-smusher (3.0.0)
      middleman (>= 3.0.0)
      smusher (~> 0.4.9)
    middleman-sprockets (3.1.4)
      middleman-core (>= 3.0.14)
      middleman-more (>= 3.0.14)
      sprockets (~> 2.1)
      sprockets-helpers (~> 1.0.0)
      sprockets-sass (~> 1.0.0)
    mime-types (1.25)
    mini_magick (3.6.0)
      subexec (~> 0.2.1)
    mini_portile (0.5.1)
    multi_json (1.8.0)
    net-scp (1.1.2)
      net-ssh (>= 2.6.5)
    net-ssh (2.7.0)
    nokogiri (1.6.0)
      mini_portile (~> 0.5.0)
    oj (2.1.4)
    pmap (1.0.1)
    pry (0.9.12.2)
      coderay (~> 1.0.5)
      method_source (~> 0.8)
      slop (~> 3.4)
    pry-debugger (0.2.2)
      debugger (~> 1.3)
      pry (~> 0.9.10)
    rack (1.5.2)
    rack-contrib (1.1.0)
      rack (>= 0.9.1)
    rack-livereload (0.3.15)
      rack
    rack-rewrite (1.4.01)
    rack-test (0.6.2)
      rack (>= 1.0)
    rails-sass-images (0.3)
      dimensions (> 0)
      mime-types (> 0)
      sass (> 0)
      sprockets (> 0)
    rake (10.1.0)
    rb-fsevent (0.9.3)
    rb-inotify (0.9.2)
      ffi (>= 0.5.0)
    rb-kqueue (0.2.0)
      ffi (>= 0.5.0)
    redcarpet (3.0.0)
    ref (1.0.5)
    ruby-hmac (0.4.0)
    ruby-progressbar (1.2.0)
    sass (3.2.10)
    slim (2.0.1)
      temple (~> 0.6.6)
      tilt (>= 1.3.3, < 2.1)
    slop (3.4.6)
    smusher (0.4.9)
      httpclient (>= 2.2)
      json
      rake
    sprockets (2.10.0)
      hike (~> 1.2)
      multi_json (~> 1.0)
      rack (~> 1.0)
      tilt (~> 1.1, != 1.3.0)
    sprockets-helpers (1.0.1)
      sprockets (~> 2.0)
    sprockets-sass (1.0.1)
      sprockets (~> 2.0)
      tilt (~> 1.1)
    subexec (0.2.3)
    temple (0.6.6)
    therubyracer (0.12.0)
      libv8 (~> 3.16.14.0)
      ref
    thin (1.5.1)
      daemons (>= 1.0.9)
      eventmachine (>= 0.12.6)
      rack (>= 1.0.0)
    thor (0.18.1)
    tilt (1.3.7)
    tzinfo (0.3.37)
    uglifier (2.1.2)
      execjs (>= 0.3.0)
      multi_json (~> 1.0, >= 1.0.2)

PLATFORMS
  ruby

DEPENDENCIES
  builder
  middleman
  middleman-blog
  middleman-bourbon
  middleman-disqus
  middleman-favicon-maker
  middleman-foundation-navigation
  middleman-google-analytics!
  middleman-gsass
  middleman-livereload
  middleman-s3_sync
  middleman-smusher
  nokogiri
  oj
  pry
  pry-debugger
  rack-contrib
  rack-rewrite
  redcarpet
  slim
  therubyracer
  thin
  zurb-foundation!
